GEM
  remote: https://rubygems.org/
  specs:
    byebug (3.5.1)
      columnize (~> 0.8)
      debugger-linecache (~> 1.2)
      slop (~> 3.6)
    columnize (0.9.0)
    debugger-linecache (1.2.0)
    gosu (0.8.7.2)
    rrobots (0.0.1)
      gosu
    slop (3.6.0)

PLATFORMS
  ruby

DEPENDENCIES
  byebug
  rrobots
