GEM
  remote: https://rubygems.org/
  specs:
    gosu (0.8.7.2)
    rrobots (0.0.1)
      gosu

PLATFORMS
  ruby

DEPENDENCIES
  rrobots
